GIT
  remote: https://github.com/boobooninja/pig-latin
  revision: ce3a444c6046b0bcb7f162f41764040e7bc53bfb
  specs:
    pig_latin (0.0.2)

GEM
  remote: https://rubygems.org/
  specs:
    rack (1.5.2)
    rack-protection (1.5.3)
      rack
    sinatra (1.4.5)
      rack (~> 1.4)
      rack-protection (~> 1.4)
      tilt (~> 1.3, >= 1.3.4)
    tilt (1.4.1)

PLATFORMS
  ruby

DEPENDENCIES
  pig_latin!
  sinatra
